PATH
  remote: .
  specs:
    weighted_shuffle (0.1.0)

GEM
  remote: https://rubygems.org/
  specs:
    diff-lcs (1.2.4)
    json (1.8.0)
    rdoc (3.12.2)
      json (~> 1.4)
    rspec (2.13.0)
      rspec-core (~> 2.13.0)
      rspec-expectations (~> 2.13.0)
      rspec-mocks (~> 2.13.0)
    rspec-core (2.13.1)
    rspec-expectations (2.13.0)
      diff-lcs (>= 1.1.3, < 2.0)
    rspec-mocks (2.13.1)
    rubygems-tasks (0.2.4)

PLATFORMS
  ruby

DEPENDENCIES
  rdoc (~> 3.0)
  rspec (~> 2.4)
  rubygems-tasks (~> 0.2)
  weighted_shuffle!
